GEM
  remote: https://rubygems.org/
  specs:
    rbtree (0.4.6)
    set (1.1.0)
    sorted_set (1.0.3)
      rbtree
      set (~> 1.0)

PLATFORMS
  arm64-darwin-22
  ruby

DEPENDENCIES
  sorted_set

BUNDLED WITH
   2.5.5
